GIT
  remote: git://github.com/thoughtbot/paperclip.git
  revision: cce55f630370e1217428e2f8ccc19851f46a5c32
  specs:
    paperclip (3.0.2)
      activemodel (>= 3.0.0)
      activerecord (>= 3.0.0)
      activesupport (>= 3.0.0)
      cocaine (>= 0.0.2)
      mime-types

PATH
  remote: .
  specs:
    paperclip-meta (0.4.3)
      paperclip

GEM
  remote: http://rubygems.org/
  specs:
    activemodel (6.0.3.3)
      activesupport (= 6.0.3.3)
    activerecord (6.0.3.3)
      activemodel (= 6.0.3.3)
      activesupport (= 6.0.3.3)
    activerecord-jdbc-adapter (1.2.2)
    activerecord-jdbcsqlite3-adapter (1.2.2)
      activerecord-jdbc-adapter (~> 1.2.2)
      jdbc-sqlite3 (~> 3.7.2)
    activesupport (6.0.3.3)
      concurrent-ruby (~> 1.0, >= 1.0.2)
      i18n (>= 0.7, < 2)
      minitest (~> 5.1)
      tzinfo (~> 1.1)
      zeitwerk (~> 2.2, >= 2.2.2)
    cocaine (0.2.1)
    concurrent-ruby (1.1.7)
    diff-lcs (1.1.3)
    i18n (1.8.5)
      concurrent-ruby (~> 1.0)
    jdbc-sqlite3 (3.7.2)
    mime-types (1.18)
    minitest (5.14.2)
    rake (0.9.2.2)
    rspec (2.8.0)
      rspec-core (~> 2.8.0)
      rspec-expectations (~> 2.8.0)
      rspec-mocks (~> 2.8.0)
    rspec-core (2.8.0)
    rspec-expectations (2.8.0)
      diff-lcs (~> 1.1.2)
    rspec-mocks (2.8.0)
    sqlite3 (1.3.5)
    sqlite3-ruby (1.3.3)
      sqlite3 (>= 1.3.3)
    thread_safe (0.3.6)
    thread_safe (0.3.6-java)
    tzinfo (1.2.7)
      thread_safe (~> 0.1)
    zeitwerk (2.4.0)

PLATFORMS
  java
  ruby

DEPENDENCIES
  activerecord
  activerecord-jdbcsqlite3-adapter
  bundler (>= 1.0.0)
  paperclip!
  paperclip-meta!
  rake
  rspec
  sqlite3-ruby
